GEM
  remote: https://rubygems.org/
  specs:
    etc (1.0.1)
    getopt (1.4.4)
    io-console (0.4.6)
    net-scp (1.2.1)
      net-ssh (>= 2.6.5)
    net-ssh (5.0.2)

PLATFORMS
  ruby

DEPENDENCIES
  etc
  getopt
  io-console
  net-scp
  net-ssh

BUNDLED WITH
   1.16.6
